PATH
  remote: .
  specs:
    rack_slashless (0.0.7)

GEM
  remote: http://rubygems.org/
  specs:
    diff-lcs (1.1.3)
    rack (1.4.1)
    rack-test (0.6.2)
      rack (>= 1.0)
    rake (10.0.3)
    rspec (2.12.0)
      rspec-core (~> 2.12.0)
      rspec-expectations (~> 2.12.0)
      rspec-mocks (~> 2.12.0)
    rspec-core (2.12.2)
    rspec-expectations (2.12.0)
      diff-lcs (~> 1.1.3)
    rspec-mocks (2.12.0)

PLATFORMS
  ruby

DEPENDENCIES
  rack-test
  rack_slashless!
  rake
  rspec (~> 2)
